GIT
  remote: https://github.com/appcelerator/jsduck.git
  revision: 1b5340cfe51afbf215d0d33b939d23adfbaebf11
  branch: sgtcoolguy
  specs:
    jsduck (4.10.4)
      dimensions
      execjs
      json
      parallel
      rdiscount
      therubyracer (>= 0.10.0)

GEM
  remote: https://rubygems.org/
  specs:
    chunky_png (1.3.10)
    compass (1.0.3)
      chunky_png (~> 1.2)
      compass-core (~> 1.0.2)
      compass-import-once (~> 1.0.5)
      rb-fsevent (>= 0.9.3)
      rb-inotify (>= 0.9)
      sass (>= 3.3.13, < 3.5)
    compass-core (1.0.3)
      multi_json (~> 1.0)
      sass (>= 3.3.0, < 3.5)
    compass-import-once (1.0.5)
      sass (>= 3.2, < 3.5)
    dimensions (1.3.0)
    execjs (2.7.0)
    ffi (1.9.25)
    json (2.2.0)
    libv8 (3.16.14.19)
    multi_json (1.13.1)
    parallel (1.19.1)
    rb-fsevent (0.10.3)
    rb-inotify (0.9.10)
      ffi (>= 0.5.0, < 2)
    rdiscount (2.2.0.1)
    ref (2.0.0)
    sass (3.4.25)
    therubyracer (0.12.3)
      libv8 (~> 3.16.14.15)
      ref

PLATFORMS
  ruby

DEPENDENCIES
  compass
  jsduck!

BUNDLED WITH
   2.0.2
